GIT
  remote: git://github.com/fgrehm/vagrant-cachier.git
  revision: f8484f73434f640b790300085002b084c8a96d6b
  specs:
    vagrant-cachier (0.3.3.dev)

GIT
  remote: git://github.com/fgrehm/vagrant-global-status.git
  revision: a0295400a0e47756cbcb8f97ed9f4449b1fb6b56
  specs:
    vagrant-global-status (0.1.1)

GIT
  remote: git://github.com/fgrehm/vagrant-lxc.git
  revision: 2c32f1caa6bb6fff1e2d0daefe3f1f675b99474c
  specs:
    vagrant-lxc (0.5.1.dev)

GIT
  remote: git://github.com/fgrehm/vagrant-pristine.git
  revision: 5c400d7850fc5f98d9601b59f4c3bd74818650de
  specs:
    vagrant-pristine (0.2.0)

GIT
  remote: git://github.com/mitchellh/vagrant.git
  revision: 7ec0ee1d00a916f80b109a298bab08e391945243
  tag: v1.2.7
  specs:
    vagrant (1.2.7)
      childprocess (~> 0.3.7)
      erubis (~> 2.7.0)
      i18n (~> 0.6.0)
      log4r (~> 1.1.9)
      net-scp (~> 1.1.0)
      net-ssh (~> 2.6.6)

PATH
  remote: .
  specs:
    ventriloquist (0.1.0)
      vocker (~> 0.3.0)

GEM
  remote: https://rubygems.org/
  specs:
    bogus (0.1.4)
      dependor (>= 0.0.4)
    childprocess (0.3.9)
      ffi (~> 1.0, >= 1.0.11)
    coderay (1.0.9)
    dependor (1.0.1)
    diff-lcs (1.2.4)
    erubis (2.7.0)
    ffi (1.9.0)
    formatador (0.2.4)
    guard (1.8.2)
      formatador (>= 0.2.4)
      listen (>= 1.0.0)
      lumberjack (>= 1.0.2)
      pry (>= 0.9.10)
      thor (>= 0.14.6)
    guard-rspec (3.0.2)
      guard (>= 1.8)
      rspec (~> 2.13)
    i18n (0.6.5)
    listen (1.3.1)
      rb-fsevent (>= 0.9.3)
      rb-inotify (>= 0.9)
      rb-kqueue (>= 0.2)
    log4r (1.1.10)
    lumberjack (1.0.4)
    method_source (0.8.2)
    multi_json (1.7.9)
    net-scp (1.1.2)
      net-ssh (>= 2.6.5)
    net-ssh (2.6.8)
    pry (0.9.12.2)
      coderay (~> 1.0.5)
      method_source (~> 0.8)
      slop (~> 3.4)
    rake (10.1.0)
    rb-fsevent (0.9.3)
    rb-inotify (0.9.1)
      ffi (>= 0.5.0)
    rb-kqueue (0.2.0)
      ffi (>= 0.5.0)
    rspec (2.14.1)
      rspec-core (~> 2.14.0)
      rspec-expectations (~> 2.14.0)
      rspec-mocks (~> 2.14.0)
    rspec-core (2.14.5)
    rspec-expectations (2.14.2)
      diff-lcs (>= 1.1.3, < 2.0)
    rspec-mocks (2.14.3)
    simplecov (0.7.1)
      multi_json (~> 1.0)
      simplecov-html (~> 0.7.1)
    simplecov-html (0.7.1)
    slop (3.4.6)
    thor (0.18.1)
    vocker (0.3.0)

PLATFORMS
  ruby

DEPENDENCIES
  bogus
  guard-rspec
  rake
  rspec
  simplecov
  vagrant!
  vagrant-cachier!
  vagrant-global-status!
  vagrant-lxc!
  vagrant-pristine!
  ventriloquist!
